PATH
  remote: .
  specs:
    kynigos (1.0.0)
      rake (~> 10.5, >= 10.5.0)

GEM
  remote: https://rubygems.org/
  specs:
    rake (10.5.0)

PLATFORMS
  ruby

DEPENDENCIES
  kynigos!

BUNDLED WITH
   1.10.6
