PATH
  remote: .
  specs:
    kynigos (0.0.1)
      rake (~> 10.4.2)

GEM
  remote: https://rubygems.org/
  specs:
    rake (10.4.2)

PLATFORMS
  ruby

DEPENDENCIES
  kynigos!

BUNDLED WITH
   1.10.6
