PATH
  remote: .
  specs:
    kynigos (0.0.1)
      bundler (~> 1.10)
      rake (~> 10.4.2)
      snoo

GEM
  remote: https://rubygems.org/
  specs:
    httparty (0.13.7)
      json (~> 1.8)
      multi_xml (>= 0.5.2)
    json (1.8.3)
    mini_portile2 (2.0.0)
    multi_xml (0.5.5)
    nokogiri (1.6.7.1)
      mini_portile2 (~> 2.0.0.rc2)
    rake (10.4.2)
    snoo (0.1.2)
      httparty
      nokogiri

PLATFORMS
  ruby

DEPENDENCIES
  kynigos!

BUNDLED WITH
   1.10.6
