PATH
  remote: .
  specs:
    kynigos (0.0.1)

GEM
  remote: https://rubygems.org/
  specs:
    coderay (1.1.0)
    httparty (0.13.7)
      json (~> 1.8)
      multi_xml (>= 0.5.2)
    json (1.8.3)
    method_source (0.8.2)
    mini_portile2 (2.0.0)
    minitest (4.7.5)
    multi_xml (0.5.5)
    nokogiri (1.6.7.1)
      mini_portile2 (~> 2.0.0.rc2)
    pry (0.10.3)
      coderay (~> 1.1.0)
      method_source (~> 0.8.1)
      slop (~> 3.4)
    rake (10.4.2)
    slop (3.6.0)
    snoo (0.1.2)
      httparty
      nokogiri

PLATFORMS
  ruby

DEPENDENCIES
  bundler (~> 1.10)
  kynigos!
  minitest (~> 4.0)
  pry (~> 0)
  rake (~> 10.0)
  snoo (~> 0.1.2)

BUNDLED WITH
   1.10.6
